GEM
  remote: https://rubygems.org/
  specs:
    webrick (1.8.1)

PLATFORMS
  x86_64-darwin-22

DEPENDENCIES
  webrick

RUBY VERSION
   ruby 3.2.0p0

BUNDLED WITH
   2.4.1
